GIT
  remote: git://github.com/blambeau/polygon
  revision: 4f3944823cf4bacc6c6b3c99c5319111bfa34e64
  specs:
    polygon (0.1.0)
      alf (~> 0.12.2)
      json
      quickl (~> 0.4.2)
      sinatra (~> 1.3)
      wlang (~> 2.0)

GIT
  remote: git://github.com/blambeau/sinatra
  revision: 8752085a05c33edd13d3ec8d3187d1406456d404
  specs:
    sinatra (1.4.0)
      rack (~> 1.3, >= 1.3.6)
      rack-protection (~> 1.2)
      tilt (~> 1.3, >= 1.3.3)

GIT
  remote: git://github.com/blambeau/wlang
  revision: 33d07a38bd8d7de74804e52cc2ebbdccebb831e2
  branch: wlang2
  specs:
    wlang (2.1.0)
      awesome_print (~> 1.0.2)
      backports (~> 2.6)
      citrus (~> 2.4.1)
      epath (>= 0.2)
      quickl (~> 0.4.3)
      temple (~> 0.4.0)

GEM
  remote: http://rubygems.org/
  specs:
    addressable (2.2.8)
    alf (0.12.2)
      backports (~> 2.6)
      myrrha (~> 1.2.1)
      quickl (~> 0.4.2)
    awesome_print (1.0.2)
    backports (2.6.1)
    citrus (2.4.1)
    daemons (1.1.8)
    diff-lcs (1.1.3)
    epath (0.3.0)
    eventmachine (1.0.0.beta.4)
    http (0.0.2)
    json (1.7.3)
    launchy (2.0.5)
      addressable (~> 2.2.6)
    myrrha (1.2.2)
    quickl (0.4.3)
    rack (1.4.1)
    rack-protection (1.2.0)
      rack
    rack-test (0.6.1)
      rack (>= 1.0)
    rake (0.9.2.2)
    redcarpet (2.0.1)
    rspec (2.10.0)
      rspec-core (~> 2.10.0)
      rspec-expectations (~> 2.10.0)
      rspec-mocks (~> 2.10.0)
    rspec-core (2.10.1)
    rspec-expectations (2.10.0)
      diff-lcs (~> 1.1.3)
    rspec-mocks (2.10.1)
    temple (0.4.0)
    thin (1.3.1)
      daemons (>= 1.0.9)
      eventmachine (>= 0.12.6)
      rack (>= 1.0.0)
    tilt (1.3.3)

PLATFORMS
  ruby

DEPENDENCIES
  eventmachine (~> 1.0.0.beta.4)
  http (~> 0.0.1)
  json
  launchy (~> 2.0.5)
  polygon!
  quickl (~> 0.4.2)
  rack-test (~> 0.6.1)
  rake (~> 0.9.2)
  redcarpet (~> 2.0.1)
  rspec (~> 2.10)
  sinatra!
  thin (~> 1.3.1)
  wlang!
