GIT
  remote: git://github.com/alf-tool/alf-core
  revision: c41dbe999444c785587c63fd3382017b97a12419
  specs:
    alf-core (0.13.0)
      domain (~> 1.0.0.rc4)
      myrrha (~> 3.0.0.rc7)
      path (~> 1.3)
      sexpr (~> 0.5.1)

GIT
  remote: git://github.com/blambeau/polygon
  revision: 9e84ca1d7a0a052b202a54536d16a2e174816ba4
  specs:
    polygon (0.9.1)
      alf-core (~> 0.13.0)
      json
      path (~> 1.3.1)
      quickl (~> 0.4.2)
      sinatra (~> 1.3)
      wlang (~> 2.1.1)

GIT
  remote: git://github.com/blambeau/sinatra
  revision: 8752085a05c33edd13d3ec8d3187d1406456d404
  specs:
    sinatra (1.4.0)
      rack (~> 1.3, >= 1.3.6)
      rack-protection (~> 1.2)
      tilt (~> 1.3, >= 1.3.3)

GIT
  remote: git://github.com/blambeau/wlang
  revision: 544013fe7d6a6259b87611d39d52c1964d41aa44
  branch: wlang2
  specs:
    wlang (2.1.1)
      backports (~> 2.6)
      citrus (~> 2.4.1)
      path (~> 1.3)
      quickl (~> 0.4.3)
      temple (~> 0.4.0)

GEM
  remote: http://rubygems.org/
  specs:
    addressable (2.2.8)
    backports (2.8.2)
    citrus (2.4.1)
    daemons (1.1.9)
    diff-lcs (1.1.3)
    domain (1.0.0.rc4)
    eventmachine (1.0.0)
    http (0.0.2)
    json (1.7.6)
    launchy (2.0.5)
      addressable (~> 2.2.6)
    myrrha (3.0.0.rc7)
      domain (~> 1.0.0.rc3)
    path (1.3.1)
    quickl (0.4.3)
    rack (1.5.2)
    rack-protection (1.3.2)
      rack
    rack-test (0.6.2)
      rack (>= 1.0)
    rake (0.9.6)
    redcarpet (2.0.1)
    rspec (2.12.0)
      rspec-core (~> 2.12.0)
      rspec-expectations (~> 2.12.0)
      rspec-mocks (~> 2.12.0)
    rspec-core (2.12.2)
    rspec-expectations (2.12.1)
      diff-lcs (~> 1.1.3)
    rspec-mocks (2.12.2)
    sexpr (0.5.1)
    temple (0.4.1)
    thin (1.3.1)
      daemons (>= 1.0.9)
      eventmachine (>= 0.12.6)
      rack (>= 1.0.0)
    tilt (1.3.3)

PLATFORMS
  ruby

DEPENDENCIES
  alf-core!
  eventmachine (~> 1.0.0.beta.4)
  http (~> 0.0.1)
  json
  launchy (~> 2.0.5)
  polygon!
  quickl (~> 0.4.2)
  rack-test (~> 0.6.1)
  rake (~> 0.9.2)
  redcarpet (~> 2.0.1)
  rspec (~> 2.10)
  sinatra!
  thin (~> 1.3.1)
  wlang!
