GIT
  remote: git://github.com/blambeau/polygon
  revision: 1cda4170dc55025698143073bd54833c23e4896f
  specs:
    polygon (0.10.1)
      alf-core (~> 0.16)
      http (~> 0.0.1)
      json
      launchy (~> 2.0)
      path (~> 1.3)
      quickl (~> 0.4.2)
      sinatra (~> 1.4)
      wlang (~> 2.1)

GEM
  remote: http://rubygems.org/
  specs:
    addressable (2.2.8)
    alf-core (0.16.3)
      domain (~> 1.0)
      myrrha (~> 3.0)
      path (~> 1.3)
      sexpr (~> 0.6.0)
    backports (2.8.2)
    citrus (3.0.1)
    daemons (1.1.9)
    diff-lcs (1.2.5)
    domain (1.0.0)
    eventmachine (1.0.3)
    http (0.0.2)
    json (1.8.1)
    launchy (2.0.5)
      addressable (~> 2.2.6)
    myrrha (3.1.0)
      domain (~> 1.0)
    path (1.3.3)
    quickl (0.4.3)
    rack (1.5.2)
    rack-protection (1.5.3)
      rack
    rack-test (0.6.2)
      rack (>= 1.0)
    rake (0.9.6)
    redcarpet (2.3.0)
    rspec (2.99.0)
      rspec-core (~> 2.99.0)
      rspec-expectations (~> 2.99.0)
      rspec-mocks (~> 2.99.0)
    rspec-core (2.99.2)
    rspec-expectations (2.99.2)
      diff-lcs (>= 1.1.3, < 2.0)
    rspec-mocks (2.99.2)
    sexpr (0.6.0)
    sinatra (1.4.5)
      rack (~> 1.4)
      rack-protection (~> 1.4)
      tilt (~> 1.3, >= 1.3.4)
    temple (0.6.8)
    thin (1.6.2)
      daemons (>= 1.0.9)
      eventmachine (>= 1.0.0)
      rack (>= 1.0.0)
    tilt (1.4.1)
    wlang (2.3.0)
      backports (~> 2.6)
      citrus (>= 2.4, < 4.0)
      path (~> 1.3)
      quickl (~> 0.4.3)
      temple (~> 0.6)

PLATFORMS
  ruby

DEPENDENCIES
  alf-core (~> 0.16.3)
  eventmachine (~> 1.0.0.beta.4)
  http (~> 0.0.1)
  json
  launchy (~> 2.0.5)
  polygon!
  quickl (~> 0.4.2)
  rack-test (~> 0.6.1)
  rake (~> 0.9.2)
  redcarpet (~> 2.0)
  rspec (~> 2.10)
  sinatra (~> 1.4)
  thin (~> 1.3)
  wlang (~> 2.3)
