GEM
  remote: http://rubygems.org/
  specs:
    addressable (2.2.8)
    daemons (1.1.8)
    epath (0.2.0)
    eventmachine (1.0.0.beta.4)
    http (0.0.2)
    json (1.7.3)
    launchy (2.0.5)
      addressable (~> 2.2.6)
    polygon (0.0.1)
      epath (~> 0.2.0)
      json
      sinatra (~> 1.3)
      wlang (~> 0.10.2)
    quickl (0.4.3)
    rack (1.4.1)
    rack-protection (1.2.0)
      rack
    rack-test (0.6.1)
      rack (>= 1.0)
    rake (0.9.2.2)
    redcarpet (2.0.1)
    sinatra (1.3.2)
      rack (~> 1.3, >= 1.3.6)
      rack-protection (~> 1.2)
      tilt (~> 1.3, >= 1.3.3)
    thin (1.3.1)
      daemons (>= 1.0.9)
      eventmachine (>= 0.12.6)
      rack (>= 1.0.0)
    tilt (1.3.3)
    wlang (0.10.2)

PLATFORMS
  ruby

DEPENDENCIES
  epath (~> 0.2.0)
  eventmachine (~> 1.0.0.beta.4)
  http (~> 0.0.1)
  json
  launchy (~> 2.0.5)
  polygon (~> 0.0.1)
  quickl (~> 0.4.2)
  rack-test (~> 0.6.1)
  rake (~> 0.9.2)
  redcarpet (~> 2.0.1)
  sinatra (~> 1.3.0)
  thin (~> 1.3.1)
  wlang (~> 0.10.2)
