GIT
  remote: git://github.com/blambeau/polygon.git
  revision: 2e2d8303eafea4bb0657a8e9103aca25a49bf87a
  specs:
    polygon (0.0.1)
      epath (~> 0.0.1)
      json
      sinatra (~> 1.3.1)
      wlang (~> 0.10.2)

GIT
  remote: git://github.com/eregon/epath.git
  revision: aaa41ce6cc35e0ba52815c135532844a4c6ba44c
  specs:
    epath (0.0.2)

GEM
  remote: http://rubygems.org/
  specs:
    addressable (2.2.6)
    daemons (1.1.5)
    eventmachine (1.0.0.beta.4)
    http (0.0.2)
    json (1.6.5)
    launchy (2.0.5)
      addressable (~> 2.2.6)
    quickl (0.4.2)
    rack (1.4.0)
    rack-protection (1.2.0)
      rack
    rack-test (0.6.1)
      rack (>= 1.0)
    rake (0.9.2.2)
    redcarpet (2.0.1)
    sinatra (1.3.2)
      rack (~> 1.3, >= 1.3.6)
      rack-protection (~> 1.2)
      tilt (~> 1.3, >= 1.3.3)
    thin (1.3.1)
      daemons (>= 1.0.9)
      eventmachine (>= 0.12.6)
      rack (>= 1.0.0)
    tilt (1.3.3)
    wlang (0.10.2)

PLATFORMS
  ruby

DEPENDENCIES
  epath!
  eventmachine (~> 1.0.0.beta.4)
  http (~> 0.0.1)
  json
  launchy (~> 2.0.5)
  polygon!
  quickl (~> 0.4.2)
  rack-test (~> 0.6.1)
  rake (~> 0.9.2)
  redcarpet (~> 2.0.1)
  sinatra (~> 1.3.0)
  thin (~> 1.3.1)
  wlang (~> 0.10.2)
